GEM
  remote: https://rubygems.org/
  specs:
    addressable (2.3.7)
    bson (1.12.0)
    bson_ext (1.12.0)
      bson (~> 1.12.0)
    guillotine (1.4.2)
      addressable (~> 2.3.0)
      sinatra (~> 1.4.0)
    mongo (1.12.0)
      bson (= 1.12.0)
    rack (1.5.2)
    rack-protection (1.5.3)
      rack
    sinatra (1.4.5)
      rack (~> 1.4)
      rack-protection (~> 1.4)
      tilt (~> 1.3, >= 1.3.4)
    tilt (1.4.1)

PLATFORMS
  ruby

DEPENDENCIES
  bson_ext
  guillotine
  mongo
  rack
